GEM
  remote: https://rubygems.org/
  specs:
    Ascii85 (1.0.2)
    afm (0.2.2)
    hashery (2.1.2)
    hashie (3.4.6)
    httmultiparty (0.3.16)
      httparty (>= 0.7.3)
      mimemagic
      multipart-post
    httparty (0.14.0)
      multi_xml (>= 0.5.2)
    mimemagic (0.3.2)
    multi_xml (0.5.5)
    multipart-post (2.0.0)
    open_uri_redirections (0.2.1)
    pdf-reader (1.4.0)
      Ascii85 (~> 1.0.0)
      afm (~> 0.2.1)
      hashery (~> 2.0)
      ruby-rc4
      ttfunk
    ruby-rc4 (0.1.5)
    soundcloud (0.3.4)
      hashie
      httmultiparty (~> 0.3.0)
    ttfunk (1.4.0)

PLATFORMS
  ruby

DEPENDENCIES
  open_uri_redirections
  pdf-reader
  soundcloud

BUNDLED WITH
   1.13.6
